PATH
  remote: .
  specs:
    secret_sharing (0.1.0)
      hensel_code (~> 0.3.0)
      prime (~> 0.1.2)

GEM
  remote: https://rubygems.org/
  specs:
    ansi (1.5.0)
    ast (2.4.2)
    builder (3.2.4)
    codecov (0.6.0)
      simplecov (>= 0.15, < 0.22)
    docile (1.4.0)
    forwardable (1.3.2)
    hensel_code (0.3.0)
    minitest (5.15.0)
    minitest-reporters (1.5.0)
      ansi
      builder
      minitest (>= 5.0)
      ruby-progressbar
    parallel (1.21.0)
    parser (3.1.1.0)
      ast (~> 2.4.1)
    prime (0.1.2)
      forwardable
      singleton
    rainbow (3.1.1)
    rake (13.0.6)
    regexp_parser (2.2.1)
    rexml (3.2.5)
    rubocop (1.26.0)
      parallel (~> 1.10)
      parser (>= 3.1.0.0)
      rainbow (>= 2.2.2, < 4.0)
      regexp_parser (>= 1.8, < 3.0)
      rexml
      rubocop-ast (>= 1.16.0, < 2.0)
      ruby-progressbar (~> 1.7)
      unicode-display_width (>= 1.4.0, < 3.0)
    rubocop-ast (1.16.0)
      parser (>= 3.1.1.0)
    rubocop-minitest (0.17.2)
      rubocop (>= 0.90, < 2.0)
    rubocop-rake (0.6.0)
      rubocop (~> 1.0)
    ruby-progressbar (1.11.0)
    simplecov (0.21.2)
      docile (~> 1.1)
      simplecov-html (~> 0.11)
      simplecov_json_formatter (~> 0.1)
    simplecov-html (0.12.3)
    simplecov_json_formatter (0.1.4)
    singleton (0.1.1)
    unicode-display_width (2.1.0)

PLATFORMS
  x86_64-darwin-19

DEPENDENCIES
  codecov
  hensel_code (~> 0.3.0)
  minitest (~> 5.0)
  minitest-reporters (~> 1.5)
  prime (~> 0.1.2)
  rake (~> 13.0)
  rubocop (~> 1.21)
  rubocop-minitest (~> 0.17.2)
  rubocop-rake (~> 0.6)
  secret_sharing!

RUBY VERSION
   ruby 3.1.0p0

BUNDLED WITH
   2.3.3
